GIT
  remote: git://github.com/Awea/capistrano-unicorn-nginx.git
  revision: 709980e8509baaa198fddf7c36d223c308602bb5
  specs:
    capistrano-unicorn-nginx (3.3.2)
      capistrano (>= 3.1)
      sshkit (>= 1.2.0)

GEM
  remote: https://rubygems.org/
  remote: https://rails-assets.org/
  specs:
    actionmailer (4.2.5.1)
      actionpack (= 4.2.5.1)
      actionview (= 4.2.5.1)
      activejob (= 4.2.5.1)
      mail (~> 2.5, >= 2.5.4)
      rails-dom-testing (~> 1.0, >= 1.0.5)
    actionpack (4.2.5.1)
      actionview (= 4.2.5.1)
      activesupport (= 4.2.5.1)
      rack (~> 1.6)
      rack-test (~> 0.6.2)
      rails-dom-testing (~> 1.0, >= 1.0.5)
      rails-html-sanitizer (~> 1.0, >= 1.0.2)
    actionview (4.2.5.1)
      activesupport (= 4.2.5.1)
      builder (~> 3.1)
      erubis (~> 2.7.0)
      rails-dom-testing (~> 1.0, >= 1.0.5)
      rails-html-sanitizer (~> 1.0, >= 1.0.2)
    activejob (4.2.5.1)
      activesupport (= 4.2.5.1)
      globalid (>= 0.3.0)
    activemodel (4.2.5.1)
      activesupport (= 4.2.5.1)
      builder (~> 3.1)
    activerecord (4.2.5.1)
      activemodel (= 4.2.5.1)
      activesupport (= 4.2.5.1)
      arel (~> 6.0)
    activesupport (4.2.5.1)
      i18n (~> 0.7)
      json (~> 1.7, >= 1.7.7)
      minitest (~> 5.1)
      thread_safe (~> 0.3, >= 0.3.4)
      tzinfo (~> 1.1)
    addressable (2.5.2)
      public_suffix (>= 2.0.2, < 4.0)
    arel (6.0.4)
    aws_cf_signer (0.1.3)
    bcrypt (3.1.11)
    binding_of_caller (0.8.0)
      debug_inspector (>= 0.0.1)
    bourbon (3.1.8)
      sass (>= 3.2.0)
      thor
    builder (3.2.3)
    capistrano (3.3.5)
      capistrano-stats (~> 1.1.0)
      i18n
      rake (>= 10.0.0)
      sshkit (~> 1.3)
    capistrano-bundler (1.3.0)
      capistrano (~> 3.1)
      sshkit (~> 1.2)
    capistrano-rails (1.3.1)
      capistrano (~> 3.1)
      capistrano-bundler (~> 1.1)
    capistrano-rails-console (1.0.2)
      capistrano (>= 3.1.0, < 4.0.0)
    capistrano-rbenv (2.1.3)
      capistrano (~> 3.1)
      sshkit (~> 1.3)
    capistrano-secrets-yml (1.0.0)
      capistrano (>= 3.1)
      sshkit (>= 1.2.0)
    capistrano-sidekiq (0.10.0)
      capistrano
      sidekiq (>= 3.4)
    capistrano-stats (1.1.1)
    carrierwave (0.11.2)
      activemodel (>= 3.2.0)
      activesupport (>= 3.2.0)
      json (>= 1.7)
      mime-types (>= 1.16)
      mimemagic (>= 0.3.0)
    chronic (0.10.2)
    cloudinary (1.9.1)
      aws_cf_signer
      rest-client
    coderay (1.1.2)
    coffee-rails (4.0.1)
      coffee-script (>= 2.2.0)
      railties (>= 4.0.0, < 5.0)
    coffee-script (2.4.1)
      coffee-script-source
      execjs
    coffee-script-source (1.12.2)
    concurrent-ruby (1.0.5)
    connection_pool (2.2.1)
    crass (1.0.3)
    daemons (1.2.6)
    debug_inspector (0.0.3)
    deep_cloneable (2.3.1)
      activerecord (>= 3.1.0, < 5.2.0)
    devise (4.4.1)
      bcrypt (~> 3.0)
      orm_adapter (~> 0.1)
      railties (>= 4.1.0, < 5.2)
      responders
      warden (~> 1.2.3)
    domain_name (0.5.20170404)
      unf (>= 0.0.5, < 1.0.0)
    dotenv (2.2.1)
    dotenv-rails (2.2.1)
      dotenv (= 2.2.1)
      railties (>= 3.2, < 5.2)
    elasticsearch (5.0.4)
      elasticsearch-api (= 5.0.4)
      elasticsearch-transport (= 5.0.4)
    elasticsearch-api (5.0.4)
      multi_json
    elasticsearch-model (5.0.2)
      activesupport (> 3)
      elasticsearch (~> 5)
      hashie
    elasticsearch-rails (5.0.2)
    elasticsearch-transport (5.0.4)
      faraday
      multi_json
    em-websocket (0.5.1)
      eventmachine (>= 0.12.9)
      http_parser.rb (~> 0.6.0)
    erubis (2.7.0)
    eventmachine (1.2.5)
    execjs (2.7.0)
    faraday (0.14.0)
      multipart-post (>= 1.2, < 3)
    ffi (1.9.23)
    figaro (1.1.1)
      thor (~> 0.14)
    foreman (0.84.0)
      thor (~> 0.19.1)
    formatador (0.2.5)
    globalid (0.4.1)
      activesupport (>= 4.2.0)
    guard (2.14.2)
      formatador (>= 0.2.4)
      listen (>= 2.7, < 4.0)
      lumberjack (>= 1.0.12, < 2.0)
      nenv (~> 0.1)
      notiffany (~> 0.0)
      pry (>= 0.9.12)
      shellany (~> 0.0)
      thor (>= 0.18.1)
    guard-bundler (2.1.0)
      bundler (~> 1.0)
      guard (~> 2.2)
      guard-compat (~> 1.1)
    guard-compat (1.2.1)
    guard-livereload (2.5.2)
      em-websocket (~> 0.5)
      guard (~> 2.8)
      guard-compat (~> 1.0)
      multi_json (~> 1.8)
    guard-minitest (2.4.6)
      guard-compat (~> 1.2)
      minitest (>= 3.0)
    guard-rails (0.8.1)
      guard (~> 2.11)
      guard-compat (~> 1.0)
    guard-sidekiq (0.1.0)
      guard (>= 2)
      sidekiq
    hashie (3.5.7)
    hike (1.2.3)
    http-cookie (1.0.3)
      domain_name (~> 0.5)
    http_parser.rb (0.6.0)
    i18n (0.9.5)
      concurrent-ruby (~> 1.0)
    jbuilder (2.7.0)
      activesupport (>= 4.2.0)
      multi_json (>= 1.2)
    json (1.8.6)
    kaminari (1.1.1)
      activesupport (>= 4.1.0)
      kaminari-actionview (= 1.1.1)
      kaminari-activerecord (= 1.1.1)
      kaminari-core (= 1.1.1)
    kaminari-actionview (1.1.1)
      actionview
      kaminari-core (= 1.1.1)
    kaminari-activerecord (1.1.1)
      activerecord
      kaminari-core (= 1.1.1)
    kaminari-core (1.1.1)
    kgio (2.11.2)
    listen (3.1.5)
      rb-fsevent (~> 0.9, >= 0.9.4)
      rb-inotify (~> 0.9, >= 0.9.7)
      ruby_dep (~> 1.2)
    loofah (2.2.0)
      crass (~> 1.0.2)
      nokogiri (>= 1.5.9)
    lumberjack (1.0.12)
    mail (2.7.0)
      mini_mime (>= 0.1.1)
    method_source (0.9.0)
    mime-types (3.1)
      mime-types-data (~> 3.2015)
    mime-types-data (3.2016.0521)
    mimemagic (0.3.2)
    mini_magick (4.8.0)
    mini_mime (1.0.0)
    mini_portile2 (2.3.0)
    minitest (5.11.3)
    multi_json (1.13.1)
    multipart-post (2.0.0)
    mysql2 (0.3.21)
    nenv (0.3.0)
    net-scp (1.2.1)
      net-ssh (>= 2.6.5)
    net-ssh (4.2.0)
    netrc (0.11.0)
    newrelic_rpm (4.8.0.341)
    ng-rails-csrf (0.1.0)
    nokogiri (1.8.2)
      mini_portile2 (~> 2.3.0)
    nokogumbo (1.5.0)
      nokogiri
    notiffany (0.1.1)
      nenv (~> 0.1)
      shellany (~> 0.0)
    orm_adapter (0.5.0)
    paypal-sdk-rest (1.7.2)
      multi_json (~> 1.0)
      xml-simple
    pry (0.11.3)
      coderay (~> 1.1.0)
      method_source (~> 0.9.0)
    pry-rails (0.3.6)
      pry (>= 0.10.4)
    public_suffix (3.0.2)
    rack (1.6.9)
    rack-livereload (0.3.16)
      rack
    rack-protection (1.5.5)
      rack
    rack-test (0.6.3)
      rack (>= 1.0)
    rails (4.2.5.1)
      actionmailer (= 4.2.5.1)
      actionpack (= 4.2.5.1)
      actionview (= 4.2.5.1)
      activejob (= 4.2.5.1)
      activemodel (= 4.2.5.1)
      activerecord (= 4.2.5.1)
      activesupport (= 4.2.5.1)
      bundler (>= 1.3.0, < 2.0)
      railties (= 4.2.5.1)
      sprockets-rails
    rails-assets-angular (1.3.20)
    rails-assets-angular-sanitize (1.3.20)
      rails-assets-angular (= 1.3.20)
    rails-assets-angular-ui-select (0.9.9)
      rails-assets-angular (>= 1.2.18)
    rails-assets-bootstrap (3.3.2)
      rails-assets-jquery (>= 1.9.1)
    rails-assets-jquery (3.3.1)
    rails-assets-jquery-ujs (1.2.2)
      rails-assets-jquery (> 1.8)
    rails-deprecated_sanitizer (1.0.3)
      activesupport (>= 4.2.0.alpha)
    rails-dev-tweaks (1.2.0)
      actionpack (>= 3.1)
      railties (>= 3.1)
    rails-dom-testing (1.0.9)
      activesupport (>= 4.2.0, < 5.0)
      nokogiri (~> 1.6)
      rails-deprecated_sanitizer (>= 1.0.1)
    rails-html-sanitizer (1.0.3)
      loofah (~> 2.0)
    rails-i18n (4.0.9)
      i18n (~> 0.7)
      railties (~> 4.0)
    rails_12factor (0.0.3)
      rails_serve_static_assets
      rails_stdout_logging
    rails_serve_static_assets (0.0.5)
    rails_stdout_logging (0.0.5)
    railties (4.2.5.1)
      actionpack (= 4.2.5.1)
      activesupport (= 4.2.5.1)
      rake (>= 0.8.7)
      thor (>= 0.18.1, < 2.0)
    raindrops (0.19.0)
    rake (12.3.0)
    rb-fsevent (0.10.3)
    rb-inotify (0.9.10)
      ffi (>= 0.5.0, < 2)
    rdoc (4.3.0)
    redis (4.0.1)
    responders (2.4.0)
      actionpack (>= 4.2.0, < 5.3)
      railties (>= 4.2.0, < 5.3)
    rest-client (2.0.2)
      http-cookie (>= 1.0.2, < 2.0)
      mime-types (>= 1.16, < 4.0)
      netrc (~> 0.8)
    route_translator (4.4.1)
      actionpack (>= 3.2, < 5.0)
      activesupport (>= 3.2, < 5.0)
    ruby_dep (1.5.0)
    sanitize (4.6.0)
      crass (~> 1.0.2)
      nokogiri (>= 1.4.4)
      nokogumbo (~> 1.4)
    sass (3.2.19)
    sass-rails (4.0.5)
      railties (>= 4.0.0, < 5.0)
      sass (~> 3.2.2)
      sprockets (~> 2.8, < 3.0)
      sprockets-rails (~> 2.0)
    sdoc (0.4.2)
      json (~> 1.7, >= 1.7.7)
      rdoc (~> 4.0)
    shellany (0.0.1)
    sidekiq (5.1.1)
      concurrent-ruby (~> 1.0)
      connection_pool (~> 2.2, >= 2.2.0)
      rack-protection (>= 1.5.0)
      redis (>= 3.3.5, < 5)
    simple_token_authentication (1.15.1)
      actionmailer (>= 3.2.6, < 6)
      actionpack (>= 3.2.6, < 6)
      devise (>= 3.2, < 6)
    sinatra (1.4.8)
      rack (~> 1.5)
      rack-protection (~> 1.4)
      tilt (>= 1.3, < 3)
    slim (3.0.9)
      temple (>= 0.7.6, < 0.9)
      tilt (>= 1.3.3, < 2.1)
    slim-rails (3.1.3)
      actionpack (>= 3.1)
      railties (>= 3.1)
      slim (~> 3.0)
    spring (2.0.2)
      activesupport (>= 4.2)
    sprockets (2.12.4)
      hike (~> 1.2)
      multi_json (~> 1.0)
      rack (~> 1.0)
      tilt (~> 1.1, != 1.3.0)
    sprockets-rails (2.3.3)
      actionpack (>= 3.0)
      activesupport (>= 3.0)
      sprockets (>= 2.8, < 4.0)
    sshkit (1.16.0)
      net-scp (>= 1.1.2)
      net-ssh (>= 2.8.0)
    temple (0.8.0)
    thin (1.7.2)
      daemons (~> 1.0, >= 1.0.9)
      eventmachine (~> 1.0, >= 1.0.4)
      rack (>= 1, < 3)
    thor (0.19.4)
    thread_safe (0.3.6)
    tilt (1.4.1)
    tzinfo (1.2.5)
      thread_safe (~> 0.1)
    uglifier (4.1.7)
      execjs (>= 0.3.0, < 3)
    unf (0.1.4)
      unf_ext
    unf_ext (0.0.7.5)
    unicorn (5.4.0)
      kgio (~> 2.6)
      raindrops (~> 0.7)
    warden (1.2.7)
      rack (>= 1.0)
    web-console (2.3.0)
      activemodel (>= 4.0)
      binding_of_caller (>= 0.7.2)
      railties (>= 4.0)
      sprockets-rails (>= 2.0, < 4.0)
    whenever (0.10.0)
      chronic (>= 0.6.3)
    xml-simple (1.1.5)

PLATFORMS
  ruby

DEPENDENCIES
  addressable
  bourbon (~> 3.1.8)
  capistrano (= 3.3.5)
  capistrano-rails
  capistrano-rails-console
  capistrano-rbenv (~> 2.0)
  capistrano-secrets-yml
  capistrano-sidekiq
  capistrano-unicorn-nginx!
  carrierwave (= 0.11.2)
  cloudinary
  coffee-rails (~> 4.0.0)
  deep_cloneable
  devise
  dotenv-rails
  elasticsearch-model
  elasticsearch-rails
  figaro
  foreman
  guard-bundler
  guard-livereload
  guard-minitest
  guard-rails
  guard-sidekiq
  jbuilder (~> 2.0)
  kaminari
  mini_magick
  mysql2 (~> 0.3.18)
  newrelic_rpm
  ng-rails-csrf
  paypal-sdk-rest
  pry-rails
  rack-livereload
  rails (= 4.2.5.1)
  rails-assets-angular (~> 1.3.8)
  rails-assets-angular-sanitize
  rails-assets-angular-ui-select (~> 0.9.6)
  rails-assets-bootstrap (= 3.3.2)
  rails-assets-jquery-ujs
  rails-dev-tweaks
  rails-i18n (~> 4.0.0)
  rails_12factor
  route_translator
  sanitize
  sass-rails (~> 4.0.3)
  sdoc (~> 0.4.0)
  sidekiq
  simple_token_authentication
  sinatra
  slim
  slim-rails
  spring
  thin
  uglifier (>= 1.3.0)
  unicorn
  web-console (~> 2.0)
  whenever

RUBY VERSION
   ruby 2.3.4p301

BUNDLED WITH
   1.16.1
